GEM
  remote: http://rubygems.org/
  specs:
    rubyzip (0.9.9)

PLATFORMS
  x86-mingw32

DEPENDENCIES
  rubyzip
